GEM
  remote: http://rubygems.org/
  specs:
    commander (4.1.3)
      highline (~> 1.6.11)
    highline (1.6.16)
    json (1.7.7)
    mime-types (1.22)
    net-ssh (2.5.2)
    parallel (0.6.4)
    rest-client (1.6.7)
      mime-types (>= 1.16)

PLATFORMS
  ruby

DEPENDENCIES
  commander (~> 4.1.3)
  json
  net-ssh
  parallel
  rest-client
