GEM
  remote: http://rubygems.org/
  specs:
    parallel (0.6.4)

PLATFORMS
  ruby

DEPENDENCIES
  parallel
